NUGET
  remote: https://www.nuget.org/api/v2
    BenchmarkDotNet (0.9.7)
    CityHash.Net (1.0.1)
    FAKE (4.29.2)
    FSharp.Compiler.Service (2.0.0.6)
    FSharp.Formatting (2.14.4)
      FSharp.Compiler.Service (2.0.0.6)
      FSharpVSPowerTools.Core (>= 2.3 < 2.4)
    FSharpVSPowerTools.Core (2.3)
      FSharp.Compiler.Service (>= 2.0.0.3)
    Microsoft.Bcl (1.1.10) - framework: net10, net11, net20, net30, net35, net40, net40-full
      Microsoft.Bcl.Build (>= 1.0.14)
    Microsoft.Bcl.Build (1.0.21) - import_targets: false, framework: net10, net11, net20, net30, net35, net40, net40-full
    Microsoft.Net.Http (2.2.29) - framework: net10, net11, net20, net30, net35, net40, net40-full
      Microsoft.Bcl (>= 1.1.10)
      Microsoft.Bcl.Build (>= 1.0.14)
    Mnemosyne (1.0.0.1)
    NUnit (3.4.1)
    NUnit.ConsoleRunner (3.4.1)
    NUnit.Extension.NUnitProjectLoader (3.4.1)
    NUnit.Extension.NUnitV2Driver (3.4.1)
    NUnit.Extension.NUnitV2ResultWriter (3.4.1)
    NUnit.Extension.TeamCityEventListener (1.0.1)
    NUnit.Extension.VSProjectLoader (3.4.1)
    NUnit.Runners (3.4.1)
      NUnit.ConsoleRunner (>= 3.4.1)
      NUnit.Extension.NUnitProjectLoader (>= 3.4.1)
      NUnit.Extension.NUnitV2Driver (>= 3.4.1)
      NUnit.Extension.NUnitV2ResultWriter (>= 3.4.1)
      NUnit.Extension.TeamCityEventListener (>= 1.0.1)
      NUnit.Extension.VSProjectLoader (>= 3.4.1)
    Octokit (0.20)
      Microsoft.Net.Http  - framework: net10, net11, net20, net30, net35, net40, net40-full
    SourceLink.Fake (1.1)
    SpookilySharp (1.1.5128)
      Mnemosyne
    System.Data.HashFunction.CityHash (1.8.2)
      System.Data.HashFunction.Core (>= 1.8.2)
      System.Data.HashFunction.Interfaces (>= 1.0)
    System.Data.HashFunction.Core (1.8.2)
      System.Data.HashFunction.Interfaces (>= 1.0)
    System.Data.HashFunction.Interfaces (1.0.0.1)
    System.Data.HashFunction.SpookyHash (1.8.2)
      System.Data.HashFunction.Core (>= 1.8.2)
      System.Data.HashFunction.Interfaces (>= 1.0)
    xxHashSharp (1.0)
GITHUB
  remote: fsharp/FAKE
    modules/Octokit/Octokit.fsx (52449879bd0bcb4fcf8d4803d70b7b214fbce245)
      Octokit (>= 0.20)