NUGET
  remote: https://www.nuget.org/api/v2
    BenchmarkDotNet (0.9.1)
    CityHash.Net (1.0.1)
    FAKE (4.14.5)
    FSharp.Compiler.Service (1.4.2.3)
    FSharp.Formatting (2.13.2)
      FSharp.Compiler.Service (>= 1.4.2 < 1.5)
      FSharpVSPowerTools.Core (>= 2.2 < 2.3)
    FSharpVSPowerTools.Core (2.2)
      FSharp.Compiler.Service (>= 1.4.2)
    Microsoft.Bcl (1.1.10) - framework: net10, net11, net20, net30, net35, net40, net40-full
      Microsoft.Bcl.Build (>= 1.0.14)
    Microsoft.Bcl.Build (1.0.21) - import_targets: false, framework: net10, net11, net20, net30, net35, net40, net40-full
    Microsoft.Net.Http (2.2.29) - framework: net10, net11, net20, net30, net35, net40, net40-full
      Microsoft.Bcl (>= 1.1.10)
      Microsoft.Bcl.Build (>= 1.0.14)
    Mnemosyne (1.0.0.1)
    NUnit (2.6.4)
    NUnit.Runners (2.6.4)
    Octokit (0.20)
      Microsoft.Net.Http  - framework: net10, net11, net20, net30, net35, net40, net40-full
    SourceLink.Fake (1.1)
    SpookilySharp (1.1.5128)
      Mnemosyne
    System.Data.HashFunction.CityHash (1.8.2)
      System.Data.HashFunction.Core (>= 1.8.2)
      System.Data.HashFunction.Interfaces (>= 1.0)
    System.Data.HashFunction.Core (1.8.2)
      System.Data.HashFunction.Interfaces (>= 1.0)
    System.Data.HashFunction.Interfaces (1.0.0.1)
    System.Data.HashFunction.SpookyHash (1.8.2)
      System.Data.HashFunction.Core (>= 1.8.2)
      System.Data.HashFunction.Interfaces (>= 1.0)
    xxHashSharp (1.0)
GITHUB
  remote: fsharp/FAKE
    modules/Octokit/Octokit.fsx (c063bf415dac7f7d4df4c37fe76badce76cae3c3)
      Octokit