NUGET
  remote: https://www.nuget.org/api/v2
  specs:
    BenchmarkDotNet (0.9.1)
    CityHash.Net (1.0.1)
    FAKE (4.14.5)
    FSharp.Compiler.Service (1.4.2.3)
    FSharp.Formatting (2.13.2)
      FSharp.Compiler.Service (>= 1.4.2 < 1.5.0)
      FSharpVSPowerTools.Core (>= 2.2.0 < 2.3.0)
    FSharpVSPowerTools.Core (2.2.0)
      FSharp.Compiler.Service (>= 1.4.2.0)
    Microsoft.Bcl (1.1.10)
      Microsoft.Bcl.Build (>= 1.0.14)
    Microsoft.Bcl.Build (1.0.21) - import_targets: false
    Microsoft.Net.Http (2.2.29)
      Microsoft.Bcl (>= 1.1.10)
      Microsoft.Bcl.Build (>= 1.0.14)
    NUnit (2.6.4)
    NUnit.Runners (2.6.4)
    Octokit (0.17.0)
      Microsoft.Net.Http
    SourceLink.Fake (1.1.0)
    System.Data.HashFunction.CityHash (1.8.2)
      System.Data.HashFunction.Core (>= 1.8.2.0)
      System.Data.HashFunction.Interfaces (>= 1.0.0.0)
    System.Data.HashFunction.Core (1.8.2)
      System.Data.HashFunction.Interfaces (>= 1.0.0.0)
    System.Data.HashFunction.Interfaces (1.0.0.1)
    System.Data.HashFunction.SpookyHash (1.8.2)
      System.Data.HashFunction.Core (>= 1.8.2.0)
      System.Data.HashFunction.Interfaces (>= 1.0.0.0)
    xxHashSharp (1.0.0)
GITHUB
  remote: fsharp/FAKE
  specs:
    modules/Octokit/Octokit.fsx (7f9a42025fdd0786f3137d70f261f3f0c7a40d1c)
      Octokit